GEM
  remote: https://rubygems.org/
  specs:
    cuba (3.1.0)
      rack
    cuba-contrib (3.1.0)
      cuba (~> 3.1)
    cutest (1.2.0)
    dep (1.0.6)
    gs (0.1.4)
    json (1.6.8)
    mailfactory (1.4.0)
      mime-types (>= 1.13.1)
    malone (1.0.4)
      mailfactory (~> 1.4)
    mime-types (1.23)
    mote (1.1.2)
    nest (1.1.2)
      redis
    ohm (1.3.2)
      nest (~> 1.0)
      redis
      scrivener (~> 0.0.3)
    pbkdf2 (0.1.0)
    rack (1.5.2)
    rack-protection (1.5.0)
      rack
    redis (3.0.4)
    scrivener (0.0.3)
    shield (1.0.0)
      pbkdf2
    shotgun (0.9)
      rack (>= 1.0)

PLATFORMS
  ruby

DEPENDENCIES
  cuba (= 3.1.0)
  cuba-contrib (= 3.1.0)
  cutest (= 1.2.0)
  dep (= 1.0.6)
  gs (= 0.1.4)
  json (= 1.6.8)
  malone (= 1.0.4)
  mote (= 1.1.2)
  nest (= 1.1.2)
  ohm (= 1.3.2)
  pbkdf2 (= 0.1.0)
  rack (= 1.5.2)
  rack-protection (= 1.5.0)
  redis (= 3.0.4)
  scrivener (= 0.0.3)
  shield (= 1.0.0)
  shotgun (= 0.9)
